NUGET
  remote: http://nuget.org/api/v2
  specs:
    FAKE (4.7.3)
    FsCheck (2.1.0)
      FSharp.Core (>= 3.1.2.5 < 3.1.3)
    FSharp.Core (3.1.2.5)
    Fuchu (1.0.1)
      FSharp.Core (>= 3.1.2.1)
    Fuchu.FsCheck (1.0.1)
      FsCheck (>= 2.1.0)
      FSharp.Core (>= 3.1.2.5)
      Fuchu (>= 1.0.1.0)
    NuGet.CommandLine (2.8.6)
    Unquote (3.1.0)
